PATH
  remote: .
  specs:
    unshorten (0.3.4)

GEM
  remote: https://rubygems.org/
  specs:
    minitest (5.3.0)
    rake (13.0.1)

PLATFORMS
  ruby

DEPENDENCIES
  minitest (~> 5.3)
  rake (~> 13.0)
  unshorten!
